GEM
  remote: https://rubygems.org/
  specs:
    coveralls-lcov (1.5.1)

PLATFORMS
  ruby

DEPENDENCIES
  coveralls-lcov!

BUNDLED WITH
   1.16.0
